GIT
  remote: git://github.com/derekprior/momentjs-rails.git
  revision: 3d35d16b03dc2a19658f3e26a37bb3d09fb38d9a
  specs:
    momentjs-rails (2.10.6)
      railties (>= 3.1)

GIT
  remote: git://github.com/fnando/i18n-js.git
  revision: 1cd5e54c84aadaab9c331fb8b43fbea694c8c547
  specs:
    i18n-js (3.0.0.rc12)
      i18n (~> 0.6, >= 0.6.6)

GIT
  remote: git://github.com/galetahub/ckeditor.git
  revision: 0ebc23b5c512b1ceb6de58a2616cacf25ec5c2f6
  specs:
    ckeditor (4.1.5)
      cocaine
      orm_adapter (~> 0.5.0)

GIT
  remote: git://github.com/kalashnikovisme/scopes_rails.git
  revision: bc9281cb5346eaab3106e909b1d3ad39bb99c327
  branch: list_of_scopes
  specs:
    scopes_rails (0.0.3)
      rails (~> 4)

GIT
  remote: git://github.com/nitinstp23/foursquare2.git
  revision: 2cf6d21edf37e64eea9505b3d57ecb664af4fbf2
  branch: gemspec_fix
  specs:
    foursquare2 (2.0.1)
      faraday (~> 0.8)
      faraday_middleware (>= 0.8)
      hashie (>= 1.0, < 4.0.0)

GIT
  remote: git://github.com/rails/actionform.git
  revision: 41ec958375ce6eb0df45a7623541dcd72aea773e
  ref: 41ec958
  specs:
    active_form (0.0.1)
      rails (~> 4.1)

GIT
  remote: git://github.com/seuros/state_machine.git
  revision: 95ba53f03e5657a5873343c2b1dc6a148ea3542e
  specs:
    state_machine (1.2.0)

GIT
  remote: git://github.com/ulmic/tconsole.git
  revision: daccf66423f2c2d222b27cced463762e08de56b6
  branch: rails4
  specs:
    tconsole (2.2.0.pre)
      ansi
      chattyproc (~> 1.0.0)
      term-ansicolor (~> 1.0.7)

GEM
  remote: https://rubygems.org/
  specs:
    actionmailer (4.2.1)
      actionpack (= 4.2.1)
      actionview (= 4.2.1)
      activejob (= 4.2.1)
      mail (~> 2.5, >= 2.5.4)
      rails-dom-testing (~> 1.0, >= 1.0.5)
    actionpack (4.2.1)
      actionview (= 4.2.1)
      activesupport (= 4.2.1)
      rack (~> 1.6)
      rack-test (~> 0.6.2)
      rails-dom-testing (~> 1.0, >= 1.0.5)
      rails-html-sanitizer (~> 1.0, >= 1.0.1)
    actionview (4.2.1)
      activesupport (= 4.2.1)
      builder (~> 3.1)
      erubis (~> 2.7.0)
      rails-dom-testing (~> 1.0, >= 1.0.5)
      rails-html-sanitizer (~> 1.0, >= 1.0.1)
    activejob (4.2.1)
      activesupport (= 4.2.1)
      globalid (>= 0.3.0)
    activemodel (4.2.1)
      activesupport (= 4.2.1)
      builder (~> 3.1)
    activerecord (4.2.1)
      activemodel (= 4.2.1)
      activesupport (= 4.2.1)
      arel (~> 6.0)
    activesupport (4.2.1)
      i18n (~> 0.7)
      json (~> 1.7, >= 1.7.7)
      minitest (~> 5.1)
      thread_safe (~> 0.3, >= 0.3.4)
      tzinfo (~> 1.1)
    addressable (2.4.0)
    airbrake (4.0.0)
      builder
      multi_json
    ansi (1.5.0)
    arel (6.0.3)
    authority (3.1.0)
      activesupport (>= 3.0.0)
      rake (>= 0.8.7)
    autoprefixer-rails (6.1.2)
      execjs
      json
    awesome_print (1.6.1)
    babel-source (5.8.34)
    babel-transpiler (0.7.0)
      babel-source (>= 4.0, < 6)
      execjs (~> 2.0)
    bcrypt (3.1.10)
    better_errors (2.1.1)
      coderay (>= 1.0.0)
      erubis (>= 2.6.6)
      rack (>= 0.9.0)
    binding_of_caller (0.7.2)
      debug_inspector (>= 0.0.1)
    bootstrap-kaminari-views (0.0.5)
      kaminari (>= 0.13)
      rails (>= 3.1)
    bootstrap-sass (3.3.6)
      autoprefixer-rails (>= 5.2.1)
      sass (>= 3.3.4)
    bootstrap_glyphicons-rails (0.0.3)
      rails (> 3.1)
    builder (3.2.2)
    byebug (8.2.1)
    carrierwave (0.10.0)
      activemodel (>= 3.2.0)
      activesupport (>= 3.2.0)
      json (>= 1.7)
      mime-types (>= 1.16)
    chattyproc (1.0.0)
    climate_control (0.0.3)
      activesupport (>= 3.0)
    cocaine (0.5.8)
      climate_control (>= 0.0.3, < 1.0)
    coderay (1.1.0)
    coffee-rails (4.1.0)
      coffee-script (>= 2.2.0)
      railties (>= 4.0.0, < 5.0)
    coffee-script (2.4.1)
      coffee-script-source
      execjs
    coffee-script-source (1.10.0)
    colorize (0.6.0)
    concurrent-ruby (1.0.0)
    configus (0.0.5)
    connection_pool (2.2.0)
    coveralls (0.7.1)
      multi_json (~> 1.3)
      rest-client
      simplecov (>= 0.7)
      term-ansicolor
      thor
    crack (0.4.3)
      safe_yaml (~> 1.0.0)
    debug_inspector (0.0.2)
    declarative (0.0.5)
      uber (>= 0.0.15)
    descendants_tracker (0.0.4)
      thread_safe (~> 0.3, >= 0.3.1)
    disposable (0.2.3)
      declarative (~> 0.0.4)
      representable (>= 2.4.0, <= 3.1.0)
      uber
    docile (1.1.5)
    domain_name (0.5.25)
      unf (>= 0.0.5, < 1.0.0)
    draper (2.1.0)
      actionpack (>= 3.0)
      activemodel (>= 3.0)
      activesupport (>= 3.0)
      request_store (~> 1.0)
    em-websocket (0.5.1)
      eventmachine (>= 0.12.9)
      http_parser.rb (~> 0.6.0)
    enumerize (1.1.0)
      activesupport (>= 3.2)
    erubis (2.7.0)
    eventmachine (1.0.8)
    execjs (2.6.0)
    factory_girl (4.5.0)
      activesupport (>= 3.0.0)
    factory_girl_rails (4.5.0)
      factory_girl (~> 4.5.0)
      railties (>= 3.0.0)
    faraday (0.9.2)
      multipart-post (>= 1.2, < 3)
    faraday_middleware (0.10.0)
      faraday (>= 0.7.4, < 0.10)
    ffi (1.9.10)
    font-awesome-rails (4.5.0.0)
      railties (>= 3.2, < 5.0)
    foreman (0.78.0)
      thor (~> 0.19.1)
    formatador (0.2.5)
    foundation-rails (5.5.2.1)
      railties (>= 3.1.0)
      sass (>= 3.3.0, < 3.5)
    github_api (0.13.0)
      addressable (~> 2.3)
      descendants_tracker (~> 0.0.4)
      faraday (~> 0.8, < 0.10)
      hashie (>= 3.4)
      multi_json (>= 1.7.5, < 2.0)
      nokogiri (~> 1.6.6)
      oauth2
    globalid (0.3.6)
      activesupport (>= 4.1.0)
    guard (2.13.0)
      formatador (>= 0.2.4)
      listen (>= 2.7, <= 4.0)
      lumberjack (~> 1.0)
      nenv (~> 0.1)
      notiffany (~> 0.0)
      pry (>= 0.9.12)
      shellany (~> 0.0)
      thor (>= 0.18.1)
    guard-compat (1.2.1)
    guard-livereload (2.5.1)
      em-websocket (~> 0.5)
      guard (~> 2.8)
      guard-compat (~> 1.0)
      multi_json (~> 1.8)
    haml (4.0.7)
      tilt
    haml-rails (0.9.0)
      actionpack (>= 4.0.1)
      activesupport (>= 4.0.1)
      haml (>= 4.0.6, < 5.0)
      html2haml (>= 1.0.1)
      railties (>= 4.0.1)
    hashdiff (0.2.3)
    hashie (3.4.3)
    html2haml (2.0.0)
      erubis (~> 2.7.0)
      haml (~> 4.0.0)
      nokogiri (~> 1.6.0)
      ruby_parser (~> 3.5)
    http-cookie (1.0.2)
      domain_name (~> 0.5)
    http_parser.rb (0.6.0)
    i18n (0.7.0)
    jasny_bootstrap_extension_rails (0.0.1)
    jbuilder (2.3.2)
      activesupport (>= 3.0.0, < 5)
      multi_json (~> 1.2)
    jquery-rails (4.0.5)
      rails-dom-testing (~> 1.0)
      railties (>= 4.2.0)
      thor (>= 0.14, < 2.0)
    jquery-ui-rails (5.0.5)
      railties (>= 3.2.16)
    js-routes (1.1.2)
      railties (>= 3.2)
      sprockets-rails
    json (1.8.3)
    jwt (1.5.2)
    kaminari (0.16.3)
      actionpack (>= 3.0.0)
      activesupport (>= 3.0.0)
    kgio (2.10.0)
    libv8 (3.16.14.7)
    listen (3.0.5)
      rb-fsevent (>= 0.9.3)
      rb-inotify (>= 0.9)
    loofah (2.0.3)
      nokogiri (>= 1.5.9)
    lumberjack (1.0.9)
    mail (2.6.3)
      mime-types (>= 1.16, < 3)
    method_source (0.8.2)
    mime-types (2.99)
    mini_magick (4.3.6)
    mini_portile2 (2.0.0)
    minitest (5.8.3)
    more_html_tags (0.1.0)
    multi_json (1.11.2)
    multi_xml (0.5.5)
    multipart-post (2.0.0)
    nenv (0.2.0)
    netrc (0.11.0)
    nokogiri (1.6.7)
      mini_portile2 (~> 2.0.0.rc2)
    notiffany (0.0.8)
      nenv (~> 0.1)
      shellany (~> 0.0)
    oauth (0.4.7)
    oauth2 (1.0.0)
      faraday (>= 0.8, < 0.10)
      jwt (~> 1.0)
      multi_json (~> 1.3)
      multi_xml (~> 0.5)
      rack (~> 1.2)
    omniauth (1.2.2)
      hashie (>= 1.2, < 4)
      rack (~> 1.0)
    omniauth-facebook (3.0.0)
      omniauth-oauth2 (~> 1.2)
    omniauth-google-oauth2 (0.2.10)
      addressable (~> 2.3)
      jwt (~> 1.0)
      multi_json (~> 1.3)
      omniauth (>= 1.1.1)
      omniauth-oauth2 (~> 1.3.1)
    omniauth-oauth (1.1.0)
      oauth
      omniauth (~> 1.0)
    omniauth-oauth2 (1.3.1)
      oauth2 (~> 1.0)
      omniauth (~> 1.2)
    omniauth-twitter (1.2.1)
      json (~> 1.3)
      omniauth-oauth (~> 1.1)
    omniauth-vkontakte (1.3.6)
      multi_json
      omniauth (~> 1.0)
      omniauth-oauth2 (~> 1.1)
    orm_adapter (0.5.0)
    pg (0.18.4)
    pg_search (1.0.5)
      activerecord (>= 3.1)
      activesupport (>= 3.1)
      arel
    pry (0.10.3)
      coderay (~> 1.1.0)
      method_source (~> 0.8.1)
      slop (~> 3.4)
    pry-byebug (3.3.0)
      byebug (~> 8.0)
      pry (~> 0.10)
    pry-rails (0.3.4)
      pry (>= 0.9.10)
    quiet_assets (1.1.0)
      railties (>= 3.1, < 5.0)
    rack (1.6.4)
    rack-livereload (0.3.16)
      rack
    rack-protection (1.5.3)
      rack
    rack-test (0.6.3)
      rack (>= 1.0)
    railroady (1.4.1)
    rails (4.2.1)
      actionmailer (= 4.2.1)
      actionpack (= 4.2.1)
      actionview (= 4.2.1)
      activejob (= 4.2.1)
      activemodel (= 4.2.1)
      activerecord (= 4.2.1)
      activesupport (= 4.2.1)
      bundler (>= 1.3.0, < 2.0)
      railties (= 4.2.1)
      sprockets-rails
    rails-deprecated_sanitizer (1.0.3)
      activesupport (>= 4.2.0.alpha)
    rails-dom-testing (1.0.7)
      activesupport (>= 4.2.0.beta, < 5.0)
      nokogiri (~> 1.6.0)
      rails-deprecated_sanitizer (>= 1.0.1)
    rails-html-sanitizer (1.0.2)
      loofah (~> 2.0)
    rails_email_preview (0.2.29)
      rails (>= 3.2)
      request_store
      sass-rails
      slim-rails
      turbolinks
    railties (4.2.1)
      actionpack (= 4.2.1)
      activesupport (= 4.2.1)
      rake (>= 0.8.7)
      thor (>= 0.18.1, < 2.0)
    raindrops (0.15.0)
    rake (10.4.2)
    rb-fsevent (0.9.6)
    rb-inotify (0.9.5)
      ffi (>= 0.5.0)
    rdoc (4.2.0)
    react-rails (1.3.3)
      babel-transpiler (>= 0.7.0)
      coffee-script-source (~> 1.8)
      connection_pool
      execjs
      rails (>= 3.2)
      tilt
    redis (3.2.2)
    ref (2.0.0)
    reform (2.1.0)
      disposable (>= 0.2.2, < 0.3.0)
      representable (>= 2.4.0, < 3.1.0)
      uber (~> 0.0.11)
    representable (3.0.0)
      declarative (~> 0.0.5)
      uber (~> 0.0.15)
    request_store (1.2.1)
    rest-client (1.8.0)
      http-cookie (>= 1.0.2, < 2.0)
      mime-types (>= 1.16, < 3.0)
      netrc (~> 0.7)
    rmagick (2.15.3)
    ruby_parser (3.7.2)
      sexp_processor (~> 4.1)
    russia_regions (0.0.4)
    russian (0.6.0)
      i18n (>= 0.5.0)
    russian_sex (0.0.1)
      unicode_utils (>= 1.4.0)
    safe_yaml (1.0.4)
    sass (3.4.19)
    sass-rails (5.0.4)
      railties (>= 4.0.0, < 5.0)
      sass (~> 3.1)
      sprockets (>= 2.8, < 4.0)
      sprockets-rails (>= 2.0, < 4.0)
      tilt (>= 1.1, < 3)
    sdoc (0.4.1)
      json (~> 1.7, >= 1.7.7)
      rdoc (~> 4.0)
    select2-rails (4.0.0)
      thor (~> 0.14)
    sexp_processor (4.6.0)
    shellany (0.0.1)
    sidekiq (4.0.1)
      concurrent-ruby (~> 1.0)
      connection_pool (~> 2.2, >= 2.2.0)
      json (~> 1.0)
      redis (~> 3.2, >= 3.2.1)
    simple_form (3.2.0)
      actionpack (~> 4.0)
      activemodel (~> 4.0)
    simplecov (0.11.1)
      docile (~> 1.1.0)
      json (~> 1.8)
      simplecov-html (~> 0.10.0)
    simplecov-html (0.10.0)
    sinatra (1.4.6)
      rack (~> 1.4)
      rack-protection (~> 1.4)
      tilt (>= 1.3, < 3)
    slim (3.0.6)
      temple (~> 0.7.3)
      tilt (>= 1.3.3, < 2.1)
    slim-rails (3.0.1)
      actionmailer (>= 3.1, < 5.0)
      actionpack (>= 3.1, < 5.0)
      activesupport (>= 3.1, < 5.0)
      railties (>= 3.1, < 5.0)
      slim (~> 3.0)
    slop (3.6.0)
    spring (1.3.4)
    sprockets (3.5.1)
      concurrent-ruby (~> 1.0)
      rack (> 1, < 3)
    sprockets-rails (2.3.3)
      actionpack (>= 3.0)
      activesupport (>= 3.0)
      sprockets (>= 2.8, < 4.0)
    temple (0.7.6)
    term-ansicolor (1.0.7)
    therubyracer (0.12.2)
      libv8 (~> 3.16.14.0)
      ref
    thor (0.19.1)
    thread_safe (0.3.5)
    tilt (2.0.1)
    trap (1.0.0)
    turbolinks (2.5.3)
      coffee-rails
    tzinfo (1.2.2)
      thread_safe (~> 0.1)
    uber (0.0.15)
    uglifier (2.7.2)
      execjs (>= 0.3.0)
      json (>= 1.8.0)
    unf (0.1.4)
      unf_ext
    unf_ext (0.0.7.1)
    unicode_utils (1.4.0)
    unicorn (5.0.1)
      kgio (~> 2.6)
      rack
      raindrops (~> 0.7)
    unicorn-rails (2.2.0)
      rack
      unicorn
    validates (1.0.0)
      activemodel (>= 3.0.0)
      activesupport (>= 3.0.0)
    web-console (2.0.0.beta2)
      activemodel (~> 4.0)
      binding_of_caller
      railties (~> 4.0)
      sprockets-rails (>= 2.0, < 4.0)
    webmock (1.22.3)
      addressable (>= 2.3.6)
      crack (>= 0.3.2)
      hashdiff

PLATFORMS
  ruby

DEPENDENCIES
  active_form!
  airbrake (~> 4.0.0)
  authority
  autoprefixer-rails
  awesome_print
  bcrypt (~> 3.1.7)
  better_errors
  bootstrap-kaminari-views
  bootstrap-sass
  bootstrap_glyphicons-rails
  byebug
  carrierwave
  ckeditor!
  coffee-rails (~> 4.1.0)
  colorize (= 0.6.0)
  configus
  coveralls
  draper
  enumerize
  factory_girl_rails
  font-awesome-rails
  foreman
  foundation-rails (= 5.5.2.1)
  foursquare2!
  github_api
  guard-livereload (~> 2.4)
  haml-rails
  hashdiff
  i18n-js!
  jasny_bootstrap_extension_rails
  jbuilder (~> 2.0)
  jquery-rails
  jquery-ui-rails
  js-routes
  kaminari
  libv8 (= 3.16.14.7)
  mini_magick
  momentjs-rails (>= 2.9)!
  more_html_tags
  omniauth-facebook
  omniauth-google-oauth2
  omniauth-twitter
  omniauth-vkontakte
  pg
  pg_search
  pry-byebug
  pry-rails
  quiet_assets
  rack-livereload
  railroady
  rails (= 4.2.1)
  rails_email_preview (~> 0.2.29)
  react-rails (~> 1.3.0)
  reform
  rmagick (= 2.15.3)
  russia_regions (>= 0.0.4)
  russian
  russian_sex
  sass-rails (~> 5.0)
  scopes_rails!
  sdoc (~> 0.4.0)
  select2-rails
  sidekiq
  simple_form
  simplecov
  sinatra (>= 1.3.0)
  spring (= 1.3.4)
  state_machine!
  tconsole!
  therubyracer
  trap (~> 1)
  uglifier (>= 1.3.0)
  unicorn-rails
  validates
  web-console (= 2.0.0.beta2)
  webmock

BUNDLED WITH
   1.11.2
